GEM
  remote: https://rubygems.org/
  specs:
    CFPropertyList (2.3.6)
    exifr (1.0.1)
    pp (0.1.1)
    progressbar (1.9.0)
    sqlite3 (1.3.13)

PLATFORMS
  ruby

DEPENDENCIES
  CFPropertyList
  exifr (= 1.0.1)
  pp
  progressbar
  sqlite3

BUNDLED WITH
   1.13.0
